PATH
  remote: .
  specs:
    ris_parser (0.0.2)
      parslet

GEM
  remote: http://rubygems.org/
  specs:
    ZenTest (4.5.0)
    blankslate (2.1.2.4)
    diff-lcs (1.1.2)
    parslet (1.2.1)
      blankslate (~> 2.0)
    rspec (2.6.0)
      rspec-core (~> 2.6.0)
      rspec-expectations (~> 2.6.0)
      rspec-mocks (~> 2.6.0)
    rspec-core (2.6.4)
    rspec-expectations (2.6.0)
      diff-lcs (~> 1.1.2)
    rspec-mocks (2.6.0)

PLATFORMS
  ruby

DEPENDENCIES
  ZenTest
  ris_parser!
  rspec
